GEM
  remote: https://rubygems.org/
  specs:
    actioncable (7.0.4)
      actionpack (= 7.0.4)
      activesupport (= 7.0.4)
      nio4r (~> 2.0)
      websocket-driver (>= 0.6.1)
    actionmailbox (7.0.4)
      actionpack (= 7.0.4)
      activejob (= 7.0.4)
      activerecord (= 7.0.4)
      activestorage (= 7.0.4)
      activesupport (= 7.0.4)
      mail (>= 2.7.1)
      net-imap
      net-pop
      net-smtp
    actionmailer (7.0.4)
      actionpack (= 7.0.4)
      actionview (= 7.0.4)
      activejob (= 7.0.4)
      activesupport (= 7.0.4)
      mail (~> 2.5, >= 2.5.4)
      net-imap
      net-pop
      net-smtp
      rails-dom-testing (~> 2.0)
    actionpack (7.0.4)
      actionview (= 7.0.4)
      activesupport (= 7.0.4)
      rack (~> 2.0, >= 2.2.0)
      rack-test (>= 0.6.3)
      rails-dom-testing (~> 2.0)
      rails-html-sanitizer (~> 1.0, >= 1.2.0)
    actiontext (7.0.4)
      actionpack (= 7.0.4)
      activerecord (= 7.0.4)
      activestorage (= 7.0.4)
      activesupport (= 7.0.4)
      globalid (>= 0.6.0)
      nokogiri (>= 1.8.5)
    actionview (7.0.4)
      activesupport (= 7.0.4)
      builder (~> 3.1)
      erubi (~> 1.4)
      rails-dom-testing (~> 2.0)
      rails-html-sanitizer (~> 1.1, >= 1.2.0)
    active_storage_validations (1.0.3)
      activejob (>= 5.2.0)
      activemodel (>= 5.2.0)
      activestorage (>= 5.2.0)
      activesupport (>= 5.2.0)
    activejob (7.0.4)
      activesupport (= 7.0.4)
      globalid (>= 0.3.6)
    activemodel (7.0.4)
      activesupport (= 7.0.4)
    activerecord (7.0.4)
      activemodel (= 7.0.4)
      activesupport (= 7.0.4)
    activestorage (7.0.4)
      actionpack (= 7.0.4)
      activejob (= 7.0.4)
      activerecord (= 7.0.4)
      activesupport (= 7.0.4)
      marcel (~> 1.0)
      mini_mime (>= 1.1.0)
    activesupport (7.0.4)
      concurrent-ruby (~> 1.0, >= 1.0.2)
      i18n (>= 1.6, < 2)
      minitest (>= 5.1)
      tzinfo (~> 2.0)
    addressable (2.8.1)
      public_suffix (>= 2.0.2, < 6.0)
    annotate (3.2.0)
      activerecord (>= 3.2, < 8.0)
      rake (>= 10.4, < 14.0)
    ast (2.4.2)
    awesome_print (1.9.2)
    bcrypt (3.1.18)
    better_errors (2.9.1)
      coderay (>= 1.0.0)
      erubi (>= 1.0.0)
      rack (>= 0.9.0)
    bindex (0.8.1)
    bootsnap (1.15.0)
      msgpack (~> 1.2)
    brakeman (5.4.0)
    brpoplpush-redis_script (0.1.3)
      concurrent-ruby (~> 1.0, >= 1.0.5)
      redis (>= 1.0, < 6)
    builder (3.2.4)
    bullet (7.0.4)
      activesupport (>= 3.0.0)
      uniform_notifier (~> 1.11)
    bundler-audit (0.9.1)
      bundler (>= 1.2.0, < 3)
      thor (~> 1.0)
    byebug (11.1.3)
    capybara (3.38.0)
      addressable
      matrix
      mini_mime (>= 0.1.3)
      nokogiri (~> 1.8)
      rack (>= 1.6.0)
      rack-test (>= 0.6.3)
      regexp_parser (>= 1.5, < 3.0)
      xpath (~> 3.2)
    childprocess (4.1.0)
    code_analyzer (0.5.5)
      sexp_processor
    coderay (1.1.3)
    colorize (0.8.1)
    concurrent-ruby (1.1.10)
    connection_pool (2.3.0)
    crass (1.0.6)
    credit_card_validations (6.0.0)
      activemodel (>= 5.2, < 7.1)
      activesupport (>= 5.2, < 7.1)
    database_consistency (1.5.3)
      activerecord (>= 3.2)
    devise (4.8.1)
      bcrypt (~> 3.0)
      orm_adapter (~> 0.1)
      railties (>= 4.1.0)
      responders
      warden (~> 1.2.3)
    diff-lcs (1.5.0)
    docile (1.4.0)
    dotenv (2.8.1)
    dotenv-rails (2.8.1)
      dotenv (= 2.8.1)
      railties (>= 3.2)
    erubi (1.11.0)
    erubis (2.7.0)
    et-orbi (1.2.7)
      tzinfo
    factory_bot (6.2.1)
      activesupport (>= 5.0.0)
    factory_bot_rails (6.2.0)
      factory_bot (~> 6.2.0)
      railties (>= 5.0.0)
    faker (3.0.0)
      i18n (>= 1.8.11, < 2)
    fasterer (0.10.0)
      colorize (~> 0.7)
      ruby_parser (>= 3.19.1)
    fugit (1.7.2)
      et-orbi (~> 1, >= 1.2.7)
      raabro (~> 1.4)
    globalid (1.0.0)
      activesupport (>= 5.0)
    i18n (1.12.0)
      concurrent-ruby (~> 1.0)
    importmap-rails (1.1.5)
      actionpack (>= 6.0.0)
      railties (>= 6.0.0)
    iniparse (1.5.0)
    json (2.6.2)
    kwalify (0.7.2)
    loofah (2.19.0)
      crass (~> 1.0.2)
      nokogiri (>= 1.5.9)
    mail (2.7.1)
      mini_mime (>= 0.1.1)
    marcel (1.0.2)
    matrix (0.4.2)
    method_source (1.0.0)
    mini_mime (1.1.2)
    minitest (5.16.3)
    msgpack (1.6.0)
    net-imap (0.3.1)
      net-protocol
    net-pop (0.1.2)
      net-protocol
    net-protocol (0.1.3)
      timeout
    net-smtp (0.3.3)
      net-protocol
    nio4r (2.5.8)
    nokogiri (1.13.9-arm64-darwin)
      racc (~> 1.4)
    nokogiri (1.13.9-x86_64-darwin)
      racc (~> 1.4)
    orm_adapter (0.5.0)
    overcommit (0.59.1)
      childprocess (>= 0.6.3, < 5)
      iniparse (~> 1.4)
      rexml (~> 3.2)
    pagy (5.10.1)
      activesupport
    parallel (1.22.1)
    parser (3.1.3.0)
      ast (~> 2.4.1)
    pg (1.4.5)
    pry (0.14.1)
      coderay (~> 1.1)
      method_source (~> 1.0)
    pry-byebug (3.10.1)
      byebug (~> 11.0)
      pry (>= 0.13, < 0.15)
    pry-rails (0.3.9)
      pry (>= 0.10.4)
    pry-remote (0.1.8)
      pry (~> 0.9)
      slop (~> 3.0)
    public_suffix (5.0.1)
    puma (5.6.5)
      nio4r (~> 2.0)
    raabro (1.4.0)
    racc (1.6.0)
    rack (2.2.4)
    rack-test (2.0.2)
      rack (>= 1.3)
    rails (7.0.4)
      actioncable (= 7.0.4)
      actionmailbox (= 7.0.4)
      actionmailer (= 7.0.4)
      actionpack (= 7.0.4)
      actiontext (= 7.0.4)
      actionview (= 7.0.4)
      activejob (= 7.0.4)
      activemodel (= 7.0.4)
      activerecord (= 7.0.4)
      activestorage (= 7.0.4)
      activesupport (= 7.0.4)
      bundler (>= 1.15.0)
      railties (= 7.0.4)
    rails-controller-testing (1.0.5)
      actionpack (>= 5.0.1.rc1)
      actionview (>= 5.0.1.rc1)
      activesupport (>= 5.0.1.rc1)
    rails-dom-testing (2.0.3)
      activesupport (>= 4.2.0)
      nokogiri (>= 1.6)
    rails-html-sanitizer (1.4.3)
      loofah (~> 2.3)
    rails_best_practices (1.23.2)
      activesupport
      code_analyzer (~> 0.5.5)
      erubis
      i18n
      json
      require_all (~> 3.0)
      ruby-progressbar
    railties (7.0.4)
      actionpack (= 7.0.4)
      activesupport (= 7.0.4)
      method_source
      rake (>= 12.2)
      thor (~> 1.0)
      zeitwerk (~> 2.5)
    rainbow (3.1.1)
    rake (13.0.6)
    redis (4.8.0)
    redis-prescription (1.0.0)
    reek (6.1.2)
      kwalify (~> 0.7.0)
      parser (~> 3.1.0)
      rainbow (>= 2.0, < 4.0)
    regexp_parser (2.6.1)
    require_all (3.0.0)
    responders (3.0.1)
      actionpack (>= 5.0)
      railties (>= 5.0)
    rexml (3.2.5)
    rspec (3.12.0)
      rspec-core (~> 3.12.0)
      rspec-expectations (~> 3.12.0)
      rspec-mocks (~> 3.12.0)
    rspec-core (3.12.0)
      rspec-support (~> 3.12.0)
    rspec-expectations (3.12.0)
      diff-lcs (>= 1.2.0, < 2.0)
      rspec-support (~> 3.12.0)
    rspec-mocks (3.12.0)
      diff-lcs (>= 1.2.0, < 2.0)
      rspec-support (~> 3.12.0)
    rspec-rails (5.1.2)
      actionpack (>= 5.2)
      activesupport (>= 5.2)
      railties (>= 5.2)
      rspec-core (~> 3.10)
      rspec-expectations (~> 3.10)
      rspec-mocks (~> 3.10)
      rspec-support (~> 3.10)
    rspec-sidekiq (3.1.0)
      rspec-core (~> 3.0, >= 3.0.0)
      sidekiq (>= 2.4.0)
    rspec-support (3.12.0)
    rubocop (1.39.0)
      json (~> 2.3)
      parallel (~> 1.10)
      parser (>= 3.1.2.1)
      rainbow (>= 2.2.2, < 4.0)
      regexp_parser (>= 1.8, < 3.0)
      rexml (>= 3.2.5, < 4.0)
      rubocop-ast (>= 1.23.0, < 2.0)
      ruby-progressbar (~> 1.7)
      unicode-display_width (>= 1.4.0, < 3.0)
    rubocop-ast (1.24.0)
      parser (>= 3.1.1.0)
    rubocop-gitlab-security (0.1.1)
      rubocop (>= 0.51)
    rubocop-performance (1.15.1)
      rubocop (>= 1.7.0, < 2.0)
      rubocop-ast (>= 0.4.0)
    rubocop-rails (2.17.3)
      activesupport (>= 4.2.0)
      rack (>= 1.1)
      rubocop (>= 1.33.0, < 2.0)
    rubocop-rspec (2.15.0)
      rubocop (~> 1.33)
    ruby-progressbar (1.11.0)
    ruby_parser (3.19.1)
      sexp_processor (~> 4.16)
    rufus-scheduler (3.8.2)
      fugit (~> 1.1, >= 1.1.6)
    sexp_processor (4.16.1)
    shoulda-callback-matchers (1.1.4)
      activesupport (>= 3)
    shoulda-matchers (5.2.0)
      activesupport (>= 5.2.0)
    sidekiq (6.5.8)
      connection_pool (>= 2.2.5, < 3)
      rack (~> 2.0)
      redis (>= 4.5.0, < 5)
    sidekiq-failures (1.0.4)
      sidekiq (>= 4.0.0)
    sidekiq-scheduler (4.0.3)
      redis (>= 4.2.0)
      rufus-scheduler (~> 3.2)
      sidekiq (>= 4, < 7)
      tilt (>= 1.4.0)
    sidekiq-throttled (0.17.0)
      concurrent-ruby
      redis-prescription
      sidekiq (>= 6.4)
    sidekiq-unique-jobs (7.1.27)
      brpoplpush-redis_script (> 0.1.1, <= 2.0.0)
      concurrent-ruby (~> 1.0, >= 1.0.5)
      sidekiq (>= 5.0, < 8.0)
      thor (>= 0.20, < 3.0)
    simplecov (0.21.2)
      docile (~> 1.1)
      simplecov-html (~> 0.11)
      simplecov_json_formatter (~> 0.1)
    simplecov-html (0.12.3)
    simplecov_json_formatter (0.1.4)
    slop (3.6.0)
    sprockets (4.1.1)
      concurrent-ruby (~> 1.0)
      rack (> 1, < 3)
    sprockets-rails (3.4.2)
      actionpack (>= 5.2)
      activesupport (>= 5.2)
      sprockets (>= 3.0.0)
    sql_queries_count (0.0.1)
      rails (> 3.0.0)
    stimulus-rails (1.2.1)
      railties (>= 6.0.0)
    thor (1.2.1)
    tilt (2.0.11)
    timecop (0.9.6)
    timeout (0.3.0)
    turbo-rails (1.3.2)
      actionpack (>= 6.0.0)
      activejob (>= 6.0.0)
      railties (>= 6.0.0)
    tzinfo (2.0.5)
      concurrent-ruby (~> 1.0)
    unicode-display_width (2.3.0)
    uniform_notifier (1.16.0)
    warden (1.2.9)
      rack (>= 2.0.9)
    web-console (4.2.0)
      actionview (>= 6.0.0)
      activemodel (>= 6.0.0)
      bindex (>= 0.4.0)
      railties (>= 6.0.0)
    websocket-driver (0.7.5)
      websocket-extensions (>= 0.1.0)
    websocket-extensions (0.1.5)
    xpath (3.2.0)
      nokogiri (~> 1.8)
    zeitwerk (2.6.6)

PLATFORMS
  arm64-darwin-21
  x86_64-darwin-21

DEPENDENCIES
  active_storage_validations (~> 1.0, >= 1.0.3)
  annotate (~> 3.2)
  awesome_print (~> 1.9, >= 1.9.2)
  bcrypt (~> 3.1.7)
  better_errors (~> 2.9, >= 2.9.1)
  bootsnap
  brakeman (~> 5.2, >= 5.2.3)
  bullet (~> 7.0, >= 7.0.2)
  bundler-audit (~> 0.9.1)
  capybara
  credit_card_validations
  database_consistency (~> 1.1, >= 1.1.15)
  devise
  dotenv-rails
  factory_bot_rails (~> 6.2)
  faker
  fasterer (~> 0.10.0)
  importmap-rails
  overcommit (~> 0.59.1)
  pagy (~> 5.10)
  pg (~> 1.1)
  pry-byebug (~> 3.8)
  pry-rails (~> 0.3.9)
  pry-remote (~> 0.1.8)
  puma (~> 5.0)
  rails (~> 7.0.4)
  rails-controller-testing
  rails_best_practices (~> 1.23, >= 1.23.1)
  reek (~> 6.1, >= 6.1.1)
  rspec (~> 3.11)
  rspec-rails (~> 5.1, >= 5.1.2)
  rspec-sidekiq (~> 3.1)
  rubocop (~> 1.6, >= 1.6.1)
  rubocop-gitlab-security (~> 0.1.1)
  rubocop-performance (~> 1.14, >= 1.14.3)
  rubocop-rails (~> 2.15, >= 2.15.2)
  rubocop-rspec (~> 2.12, >= 2.12.1)
  shoulda-callback-matchers (~> 1.1, >= 1.1.4)
  shoulda-matchers (~> 5.1)
  sidekiq
  sidekiq-failures
  sidekiq-scheduler
  sidekiq-throttled
  sidekiq-unique-jobs
  simplecov (~> 0.21.2)
  sprockets-rails
  sql_queries_count (~> 0.0.1)
  stimulus-rails
  timecop (~> 0.9.5)
  turbo-rails
  tzinfo-data
  web-console

RUBY VERSION
   ruby 3.1.3p185

BUNDLED WITH
   2.3.13
